GEM
  remote: https://rubygems.org/
  specs:
    backports (3.12.0)
    kgio (2.11.2)
    mini_portile2 (2.4.0)
    multi_json (1.13.1)
    mustermann (1.0.3)
    nokogiri (1.10.1)
      mini_portile2 (~> 2.4.0)
    rack (2.0.6)
    rack-protection (2.0.5)
      rack
    raindrops (0.19.0)
    ruby-xslt (0.9.10)
    sinatra (2.0.5)
      mustermann (~> 1.0)
      rack (~> 2.0)
      rack-protection (= 2.0.5)
      tilt (~> 2.0)
    sinatra-contrib (2.0.5)
      backports (>= 2.8.2)
      multi_json
      mustermann (~> 1.0)
      rack-protection (= 2.0.5)
      sinatra (= 2.0.5)
      tilt (>= 1.3, < 3)
    tilt (2.0.9)
    unicorn (5.5.0)
      kgio (~> 2.6)
      raindrops (~> 0.7)

PLATFORMS
  ruby

DEPENDENCIES
  nokogiri
  rack
  ruby-xslt
  sinatra
  sinatra-contrib
  unicorn

BUNDLED WITH
   1.17.3
